GIT
  remote: git://github.com/RubyMoney/money-rails.git
  revision: 7b0cf5aab8dc1f43820646621d95950dfab01af9
  specs:
    money-rails (0.7.1)
      activesupport (>= 3.0)
      money (~> 5.1.0)
      railties (>= 3.0)

GIT
  remote: git://github.com/milgner/compass-rails.git
  revision: 1749c06f15dc4b058427e7969810457213647fb8
  ref: 1749c06
  specs:
    compass-rails (1.0.3)
      compass (>= 0.12.2, < 0.14)

GIT
  remote: git://github.com/plataformatec/simple_form.git
  revision: e57748eddfdea6fc5b7210b6e5e7b5656b042891
  branch: rails_4
  specs:
    simple_form (3.0.0.dev)
      actionpack (>= 4.0.0.beta, < 4.1)
      activemodel (>= 4.0.0.beta, < 4.1)

GIT
  remote: git://github.com/rails/rails.git
  revision: 9ec14c223b787d04b381511799b9b21499e29e68
  ref: 9ec14c2
  specs:
    actionmailer (4.0.0.beta)
      actionpack (= 4.0.0.beta)
      mail (~> 2.5.3)
    actionpack (4.0.0.beta)
      activesupport (= 4.0.0.beta)
      builder (~> 3.1.0)
      erubis (~> 2.7.0)
      rack (~> 1.5.0)
      rack-test (~> 0.6.1)
    activemodel (4.0.0.beta)
      activesupport (= 4.0.0.beta)
      builder (~> 3.1.0)
    activerecord (4.0.0.beta)
      activemodel (= 4.0.0.beta)
      activerecord-deprecated_finders (~> 0.0.3)
      activesupport (= 4.0.0.beta)
      arel (~> 3.0.2)
    activesupport (4.0.0.beta)
      i18n (~> 0.6)
      minitest (~> 4.1)
      multi_json (~> 1.3)
      thread_safe (~> 0.1)
      tzinfo (~> 0.3.33)
    rails (4.0.0.beta)
      actionmailer (= 4.0.0.beta)
      actionpack (= 4.0.0.beta)
      activerecord (= 4.0.0.beta)
      activesupport (= 4.0.0.beta)
      bundler (>= 1.2.2, < 2.0)
      railties (= 4.0.0.beta)
      sprockets-rails (~> 2.0.0.rc1)
    railties (4.0.0.beta)
      actionpack (= 4.0.0.beta)
      activesupport (= 4.0.0.beta)
      rake (>= 0.8.7)
      rdoc (~> 3.4)
      thor (>= 0.17.0, < 2.0)

GIT
  remote: git://github.com/rails/sass-rails.git
  revision: ae8138a89cac397c0df903dd533e2862902ce8f5
  specs:
    sass-rails (4.0.0.beta)
      railties (>= 4.0.0.beta, < 5.0)
      sass (>= 3.1.10)
      sprockets-rails (~> 2.0.0.rc0)
      tilt (~> 1.3)

GIT
  remote: git://github.com/rails/sprockets-rails.git
  revision: 22270f83fb63537cef8a638835363360f2fbaab4
  specs:
    sprockets-rails (2.0.0.rc2)
      actionpack (>= 3.0)
      activesupport (>= 3.0)
      sprockets (~> 2.8)

GEM
  remote: https://rubygems.org/
  specs:
    activerecord-deprecated_finders (0.0.3)
    arel (3.0.2)
    asset_sync (0.5.4)
      activemodel
      fog
    atomic (1.0.1)
    bcrypt-ruby (3.0.1)
    builder (3.1.4)
    chunky_png (1.2.7)
    compass (0.12.2)
      chunky_png (~> 1.2)
      fssm (>= 0.2.7)
      sass (~> 3.1)
    erubis (2.7.0)
    excon (0.16.10)
    execjs (1.4.0)
      multi_json (~> 1.0)
    faraday (0.8.4)
      multipart-post (~> 1.1)
    fog (1.9.0)
      builder
      excon (~> 0.14)
      formatador (~> 0.2.0)
      mime-types
      multi_json (~> 1.0)
      net-scp (~> 1.0.4)
      net-ssh (>= 2.1.3)
      nokogiri (~> 1.5.0)
      ruby-hmac
    formatador (0.2.4)
    fssm (0.2.9)
    hashie (1.2.0)
    hike (1.2.1)
    httpauth (0.2.0)
    i18n (0.6.1)
    jquery-rails (2.2.0)
      railties (>= 3.0, < 5.0)
      thor (>= 0.14, < 2.0)
    json (1.7.6)
    jwt (0.1.5)
      multi_json (>= 1.0)
    kgio (2.8.0)
    mail (2.5.3)
      i18n (>= 0.4.0)
      mime-types (~> 1.16)
      treetop (~> 1.4.8)
    mime-types (1.19)
    minitest (4.5.0)
    modular-scale (1.0.6)
      compass (>= 0.12.1)
      sass (>= 3.2.0)
      sassy-math (>= 1.5)
    money (5.1.0)
      i18n (~> 0.6.0)
    multi_json (1.5.0)
    multipart-post (1.1.5)
    net-scp (1.0.4)
      net-ssh (>= 1.99.1)
    net-ssh (2.6.3)
    newrelic_rpm (3.5.5.38)
    nokogiri (1.5.6)
    oauth2 (0.8.0)
      faraday (~> 0.8)
      httpauth (~> 0.1)
      jwt (~> 0.1.4)
      multi_json (~> 1.0)
      rack (~> 1.2)
    omniauth (1.1.0)
      hashie (~> 1.2)
      rack
    omniauth-oauth2 (1.0.3)
      oauth2 (~> 0.8.0)
      omniauth (~> 1.0)
    omniauth-passport (0.0.4)
      omniauth-oauth2 (~> 1.0.2)
    pg (0.14.1)
    polyglot (0.3.3)
    rack (1.5.1)
    rack-test (0.6.2)
      rack (>= 1.0)
    raindrops (0.10.0)
    rake (10.0.3)
    rdoc (3.12)
      json (~> 1.4)
    ruby-hmac (0.4.0)
    sass (3.2.5)
    sassy-math (1.5)
      compass (~> 0.11)
    sprockets (2.8.2)
      hike (~> 1.2)
      multi_json (~> 1.0)
      rack (~> 1.0)
      tilt (~> 1.1, != 1.3.0)
    sqlite3 (1.3.7)
    thor (0.17.0)
    thread_safe (0.1.0)
      atomic
    tilt (1.3.3)
    treetop (1.4.12)
      polyglot
      polyglot (>= 0.3.1)
    tzinfo (0.3.35)
    uglifier (1.3.0)
      execjs (>= 0.3.0)
      multi_json (~> 1.0, >= 1.0.2)
    unicorn (4.5.0)
      kgio (~> 2.6)
      rack
      raindrops (~> 0.7)
    zurb-foundation (3.2.4)
      compass (>= 0.12.2)
      modular-scale (= 1.0.6)
      rake
      sass (>= 3.2.0)

PLATFORMS
  ruby

DEPENDENCIES
  asset_sync (~> 0.5.4)
  bcrypt-ruby (~> 3.0.0)
  compass-rails!
  fog (~> 1.9.0)
  jquery-rails
  money-rails!
  newrelic_rpm (~> 3.5.5.38)
  omniauth-passport
  pg
  rails!
  sass-rails!
  simple_form!
  sprockets-rails!
  sqlite3
  uglifier (>= 1.0.3)
  unicorn (~> 4.5.0)
  zurb-foundation
